GEM
  remote: https://rubygems.org/
  specs:
    diff-lcs (1.4.4)
    faraday (1.4.1)
      faraday-excon (~> 1.1)
      faraday-net_http (~> 1.0)
      faraday-net_http_persistent (~> 1.1)
      multipart-post (>= 1.2, < 3)
      ruby2_keywords (>= 0.0.4)
    faraday-excon (1.1.0)
    faraday-net_http (1.0.1)
    faraday-net_http_persistent (1.1.0)
    hashie (4.1.0)
    inflection (1.0.0)
    mini_mime (1.1.0)
    multipart-post (2.1.1)
    open-uri (0.1.0)
    rake (13.0.3)
    rspec (3.10.0)
      rspec-core (~> 3.10.0)
      rspec-expectations (~> 3.10.0)
      rspec-mocks (~> 3.10.0)
    rspec-core (3.10.1)
      rspec-support (~> 3.10.0)
    rspec-expectations (3.10.1)
      diff-lcs (>= 1.2.0, < 2.0)
      rspec-support (~> 3.10.0)
    rspec-mocks (3.10.2)
      diff-lcs (>= 1.2.0, < 2.0)
      rspec-support (~> 3.10.0)
    rspec-support (3.10.2)
    ruby2_keywords (0.0.4)
    zendesk_api (1.29.0)
      faraday (>= 0.9.0, < 2.0.0)
      hashie (>= 3.5.2, < 5.0.0)
      inflection
      mini_mime
      multipart-post (~> 2.0)

PLATFORMS
  x86_64-darwin-18

DEPENDENCIES
  open-uri
  rake
  rspec
  zendesk_api

BUNDLED WITH
   2.2.16
